GEM
  remote: https://rubygems.org/
  specs:
    metaclass (0.0.4)
    mocha (1.1.0)
      metaclass (~> 0.0.1)
    term-ansicolor (1.3.2)
      tins (~> 1.0)
    tins (1.5.4)

PLATFORMS
  ruby

DEPENDENCIES
  mocha
  term-ansicolor
